PATH
  remote: .
  specs:
    griddle (0.1.0)
      terminal-table

GEM
  remote: https://rubygems.org/
  specs:
    diff-lcs (1.1.3)
    rake (10.2.2)
    rspec (2.12.0)
      rspec-core (~> 2.12.0)
      rspec-expectations (~> 2.12.0)
      rspec-mocks (~> 2.12.0)
    rspec-core (2.12.2)
    rspec-expectations (2.12.1)
      diff-lcs (~> 1.1.3)
    rspec-mocks (2.12.2)
    terminal-table (1.4.5)

PLATFORMS
  ruby

DEPENDENCIES
  bundler (~> 1.5)
  griddle!
  rake
  rspec
